NUGET
  remote: https://nuget.org/api/v2
  specs:
    DotNetZip (1.9.3)
    FSharp.Core (3.1.2.1)
    Microsoft.Bcl (1.1.10)
      Microsoft.Bcl.Build (>= 1.0.14)
    Microsoft.Bcl.Build (1.0.21)
    Microsoft.Net.Http (2.2.29)
      Microsoft.Bcl (>= 1.1.10)
      Microsoft.Bcl.Build (>= 1.0.14)
    Newtonsoft.Json (6.0.8)
    Octokit (0.7.3)
      Microsoft.Net.Http
    Paket.Core (0.33.12)
      DotNetZip
      FSharp.Core
      Newtonsoft.Json
