REDIRECTS: ON
NUGET
  remote: https://www.nuget.org/api/v2
  specs:
    Chessie (0.5.1)
      FSharp.Core
    FSharp.Core (3.1.2.1)
    Newtonsoft.Json (6.0.8)
    Paket.Core (2.64)
      Chessie
      FSharp.Core
      Newtonsoft.Json
