REDIRECTS: ON
NUGET
  remote: https://nuget.org/api/v2
  specs:
    FSharp.Core (3.1.2.1)
    Newtonsoft.Json (6.0.8)
    Paket.Core (2.17.3)
      FSharp.Core
      Newtonsoft.Json
