REDIRECTS: ON
NUGET
  remote: https://nuget.org/api/v2
  specs:
    FSharp.Core (3.0.2)
    Microsoft.Bcl (1.1.10)
      Microsoft.Bcl.Build (>= 1.0.14)
    Microsoft.Bcl.Build (1.0.21)
    Microsoft.Net.Http (2.2.29)
      Microsoft.Bcl (>= 1.1.10)
      Microsoft.Bcl.Build (>= 1.0.14)
    Newtonsoft.Json (6.0.8)
    Octokit (0.10.0)
      Microsoft.Net.Http
    Paket.Core (1.1.2)
      FSharp.Core
      Newtonsoft.Json
